GIT
  remote: git@github.com:farkasmate/rubygem-kubectl_eyaml
  revision: 5221fda48671b198188dd4d34f314ac3e168f2cc
  ref: master
  specs:
    kubectl_eyaml (1.0.0)
      hiera-eyaml (~> 3.1)

GEM
  remote: https://rubygems.org/
  specs:
    hiera-eyaml (3.1.1)
      highline (~> 1.6.19)
      optimist
    highline (1.6.21)
    optimist (3.0.0)

PLATFORMS
  ruby

DEPENDENCIES
  kubectl_eyaml!

BUNDLED WITH
   2.0.1
